GEM
  remote: https://rubygems.org/
  specs:
    emblem (0.0.2)
      tilt
    execjs (2.0.2)
    haml (4.0.5)
      tilt
    hamlbars (2.1.0)
      execjs (>= 1.2)
      haml
      sprockets
      tilt
    sprockets (1.0.2)
    tilt (2.0.0)

PLATFORMS
  ruby

DEPENDENCIES
  emblem
  haml
  hamlbars
