GEM
  remote: https://rubygems.org/
  specs:
    chunky_png (1.2.8)
    compass (0.12.2)
      chunky_png (~> 1.2)
      fssm (>= 0.2.7)
      sass (~> 3.1)
    emblem (0.0.2)
      tilt
    execjs (2.0.2)
    fssm (0.2.10)
    haml (4.0.5)
      tilt
    hamlbars (2.1.0)
      execjs (>= 1.2)
      haml
      sprockets
      tilt
    sass (3.2.14)
    sprockets (1.0.2)
    tilt (2.0.0)

PLATFORMS
  ruby

DEPENDENCIES
  compass
  emblem
  haml
  hamlbars
